GIT
  remote: git@github.com:coreypurcell/outpost.git
  revision: 2a13851586dea5ad7581aa72f9628c4d6e334fb4
  specs:
    outpost (0.2.3)

GEM
  remote: http://rubygems.org/
  specs:
    highline (1.6.2)
    net-ldap (0.2.2)
    net-ping (1.5.0)
      net-ldap (~> 0.2.2)

PLATFORMS
  ruby

DEPENDENCIES
  highline
  net-ping
  outpost!
